PATH
  remote: elasticgraph-admin_lambda
  specs:
    elasticgraph-admin_lambda (0.1.2.3)
      elasticgraph-admin (= 0.1.2.3)
      elasticgraph-lambda_support (= 0.1.2.3)
      rake (~> 13.2, >= 13.2.1)

PATH
  remote: elasticgraph-admin
  specs:
    elasticgraph-admin (0.1.2.3)
      elasticgraph-datastore_core (= 0.1.2.3)
      elasticgraph-indexer (= 0.1.2.3)
      elasticgraph-schema_artifacts (= 0.1.2.3)
      elasticgraph-support (= 0.1.2.3)
      rake (~> 13.2, >= 13.2.1)

PATH
  remote: elasticgraph-apollo
  specs:
    elasticgraph-apollo (0.1.2.3)
      apollo-federation (~> 3.10)
      elasticgraph-graphql (= 0.1.2.3)
      elasticgraph-support (= 0.1.2.3)
      graphql (~> 2.4.13)

PATH
  remote: elasticgraph-datastore_core
  specs:
    elasticgraph-datastore_core (0.1.2.3)
      elasticgraph-schema_artifacts (= 0.1.2.3)
      elasticgraph-support (= 0.1.2.3)

PATH
  remote: elasticgraph-elasticsearch
  specs:
    elasticgraph-elasticsearch (0.1.2.3)
      elasticgraph-support (= 0.1.2.3)
      elasticsearch (~> 8.17, >= 8.17.1)
      faraday (~> 2.12, >= 2.12.2)
      faraday-retry (~> 2.2, >= 2.2.1)

PATH
  remote: elasticgraph-graphql_lambda
  specs:
    elasticgraph-graphql_lambda (0.1.2.3)
      elasticgraph-graphql (= 0.1.2.3)
      elasticgraph-lambda_support (= 0.1.2.3)

PATH
  remote: elasticgraph-graphql
  specs:
    elasticgraph-graphql (0.1.2.3)
      elasticgraph-datastore_core (= 0.1.2.3)
      elasticgraph-schema_artifacts (= 0.1.2.3)
      graphql (~> 2.4.13)

PATH
  remote: elasticgraph-health_check
  specs:
    elasticgraph-health_check (0.1.2.3)
      elasticgraph-datastore_core (= 0.1.2.3)
      elasticgraph-graphql (= 0.1.2.3)
      elasticgraph-support (= 0.1.2.3)

PATH
  remote: elasticgraph-indexer_autoscaler_lambda
  specs:
    elasticgraph-indexer_autoscaler_lambda (0.1.2.3)
      aws-sdk-cloudwatch (~> 1.112)
      aws-sdk-lambda (~> 1.147)
      aws-sdk-sqs (~> 1.93)
      elasticgraph-datastore_core (= 0.1.2.3)
      elasticgraph-lambda_support (= 0.1.2.3)
      ox (~> 2.14, >= 2.14.22)

PATH
  remote: elasticgraph-indexer_lambda
  specs:
    elasticgraph-indexer_lambda (0.1.2.3)
      aws-sdk-s3 (~> 1.182)
      elasticgraph-indexer (= 0.1.2.3)
      elasticgraph-lambda_support (= 0.1.2.3)
      ox (~> 2.14, >= 2.14.22)

PATH
  remote: elasticgraph-indexer
  specs:
    elasticgraph-indexer (0.1.2.3)
      elasticgraph-datastore_core (= 0.1.2.3)
      elasticgraph-json_schema (= 0.1.2.3)
      elasticgraph-schema_artifacts (= 0.1.2.3)
      elasticgraph-support (= 0.1.2.3)
      hashdiff (~> 1.1, >= 1.1.2)

PATH
  remote: elasticgraph-json_schema
  specs:
    elasticgraph-json_schema (0.1.2.3)
      elasticgraph-support (= 0.1.2.3)
      json_schemer (~> 2.4)

PATH
  remote: elasticgraph-lambda_support
  specs:
    elasticgraph-lambda_support (0.1.2.3)
      elasticgraph-opensearch (= 0.1.2.3)
      faraday_middleware-aws-sigv4 (~> 1.0, >= 1.0.1)

PATH
  remote: elasticgraph-local
  specs:
    elasticgraph-local (0.1.2.3)
      elasticgraph-admin (= 0.1.2.3)
      elasticgraph-graphql (= 0.1.2.3)
      elasticgraph-indexer (= 0.1.2.3)
      elasticgraph-rack (= 0.1.2.3)
      elasticgraph-schema_definition (= 0.1.2.3)
      rackup (~> 2.2, >= 2.2.1)
      rake (~> 13.2, >= 13.2.1)
      webrick (~> 1.9, >= 1.9.1)

PATH
  remote: elasticgraph-opensearch
  specs:
    elasticgraph-opensearch (0.1.2.3)
      elasticgraph-support (= 0.1.2.3)
      faraday (~> 2.12, >= 2.12.2)
      faraday-retry (~> 2.2, >= 2.2.1)
      opensearch-ruby (~> 3.4)

PATH
  remote: elasticgraph-query_interceptor
  specs:
    elasticgraph-query_interceptor (0.1.2.3)
      elasticgraph-graphql (= 0.1.2.3)
      elasticgraph-schema_artifacts (= 0.1.2.3)

PATH
  remote: elasticgraph-query_registry
  specs:
    elasticgraph-query_registry (0.1.2.3)
      elasticgraph-graphql (= 0.1.2.3)
      elasticgraph-support (= 0.1.2.3)
      graphql (~> 2.4.13)
      rake (~> 13.2, >= 13.2.1)

PATH
  remote: elasticgraph-rack
  specs:
    elasticgraph-rack (0.1.2.3)
      elasticgraph-graphql (= 0.1.2.3)
      rack (~> 3.1, >= 3.1.12)

PATH
  remote: elasticgraph-schema_artifacts
  specs:
    elasticgraph-schema_artifacts (0.1.2.3)
      elasticgraph-support (= 0.1.2.3)

PATH
  remote: elasticgraph-schema_definition
  specs:
    elasticgraph-schema_definition (0.1.2.3)
      elasticgraph-graphql (= 0.1.2.3)
      elasticgraph-indexer (= 0.1.2.3)
      elasticgraph-json_schema (= 0.1.2.3)
      elasticgraph-schema_artifacts (= 0.1.2.3)
      elasticgraph-support (= 0.1.2.3)
      graphql (~> 2.4.13)
      rake (~> 13.2, >= 13.2.1)

PATH
  remote: elasticgraph-support
  specs:
    elasticgraph-support (0.1.2.3)
      logger (~> 1.6, >= 1.6.6)

PATH
  remote: elasticgraph
  specs:
    elasticgraph (0.1.2.3)
      elasticgraph-support (= 0.1.2.3)
      thor (~> 1.3, >= 1.3.2)

GEM
  remote: https://rubygems.org/
  specs:
    activesupport (8.0.1)
      base64
      benchmark (>= 0.3)
      bigdecimal
      concurrent-ruby (~> 1.0, >= 1.3.1)
      connection_pool (>= 2.2.5)
      drb
      i18n (>= 1.6, < 2)
      logger (>= 1.4.2)
      minitest (>= 5.1)
      securerandom (>= 0.3)
      tzinfo (~> 2.0, >= 2.0.5)
      uri (>= 0.13.1)
    addressable (2.8.7)
      public_suffix (>= 2.0.2, < 7.0)
    ansi (1.5.0)
    apollo-federation (3.10.0)
      google-protobuf (< 5)
      graphql
    ast (2.4.2)
    attr_extras (7.1.0)
    aws-eventstream (1.3.1)
    aws-partitions (1.1060.0)
    aws-sdk-cloudwatch (1.112.0)
      aws-sdk-core (~> 3, >= 3.216.0)
      aws-sigv4 (~> 1.5)
    aws-sdk-core (3.220.0)
      aws-eventstream (~> 1, >= 1.3.0)
      aws-partitions (~> 1, >= 1.992.0)
      aws-sigv4 (~> 1.9)
      base64
      jmespath (~> 1, >= 1.6.1)
    aws-sdk-kms (1.99.0)
      aws-sdk-core (~> 3, >= 3.216.0)
      aws-sigv4 (~> 1.5)
    aws-sdk-lambda (1.147.0)
      aws-sdk-core (~> 3, >= 3.216.0)
      aws-sigv4 (~> 1.5)
    aws-sdk-s3 (1.182.0)
      aws-sdk-core (~> 3, >= 3.216.0)
      aws-sdk-kms (~> 1)
      aws-sigv4 (~> 1.5)
    aws-sdk-sqs (1.93.0)
      aws-sdk-core (~> 3, >= 3.216.0)
      aws-sigv4 (~> 1.5)
    aws-sigv4 (1.11.0)
      aws-eventstream (~> 1, >= 1.0.2)
    aws_lambda_ric (3.0.0)
    base64 (0.2.0)
    benchmark (0.4.0)
    bigdecimal (3.1.9)
    coderay (1.1.3)
    colorator (1.1.0)
    concurrent-ruby (1.3.5)
    connection_pool (2.5.0)
    csv (3.3.2)
    diff-lcs (1.5.1)
    docile (1.4.1)
    drb (2.2.1)
    elastic-transport (8.3.5)
      faraday (< 3)
      multi_json
    elasticsearch (8.17.1)
      elastic-transport (~> 8.3)
      elasticsearch-api (= 8.17.1)
    elasticsearch-api (8.17.1)
      multi_json
    em-websocket (0.5.3)
      eventmachine (>= 0.12.9)
      http_parser.rb (~> 0)
    eventmachine (1.2.7)
    factory_bot (6.5.1)
      activesupport (>= 6.1.0)
    faker (3.5.1)
      i18n (>= 1.8.11, < 2)
    faraday (2.12.2)
      faraday-net_http (>= 2.0, < 3.5)
      json
      logger
    faraday-net_http (3.4.0)
      net-http (>= 0.5.0)
    faraday-retry (2.2.1)
      faraday (~> 2.0)
    faraday_middleware-aws-sigv4 (1.0.1)
      aws-sigv4 (~> 1.0)
      faraday (>= 2.0, < 3)
    ffi (1.17.1)
    ffi (1.17.1-arm-linux-gnu)
    ffi (1.17.1-arm-linux-musl)
    ffi (1.17.1-arm64-darwin)
    fiber-storage (1.0.0)
    fileutils (1.7.3)
    filewatcher (2.1.0)
      module_methods (~> 0.1.0)
    flatware (2.3.4)
      drb
      thor (< 2.0)
    flatware-rspec (2.3.4)
      flatware (= 2.3.4)
      rspec (>= 3.6)
    forwardable-extended (2.6.0)
    google-protobuf (4.29.3)
      bigdecimal
      rake (>= 13)
    google-protobuf (4.29.3-arm64-darwin)
      bigdecimal
      rake (>= 13)
    graphql (2.4.13)
      base64
      fiber-storage
      logger
    hana (1.3.7)
    hashdiff (1.1.2)
    http-2 (1.0.2)
    http_parser.rb (0.8.0)
    httpx (1.4.1)
      http-2 (>= 1.0.0)
    i18n (1.14.7)
      concurrent-ruby (~> 1.0)
    jekyll (4.4.1)
      addressable (~> 2.4)
      base64 (~> 0.2)
      colorator (~> 1.0)
      csv (~> 3.0)
      em-websocket (~> 0.5)
      i18n (~> 1.0)
      jekyll-sass-converter (>= 2.0, < 4.0)
      jekyll-watch (~> 2.0)
      json (~> 2.6)
      kramdown (~> 2.3, >= 2.3.1)
      kramdown-parser-gfm (~> 1.0)
      liquid (~> 4.0)
      mercenary (~> 0.3, >= 0.3.6)
      pathutil (~> 0.9)
      rouge (>= 3.0, < 5.0)
      safe_yaml (~> 1.0)
      terminal-table (>= 1.8, < 4.0)
      webrick (~> 1.7)
    jekyll-sass-converter (3.0.0)
      sass-embedded (~> 1.54)
    jekyll-watch (2.2.1)
      listen (~> 3.0)
    jmespath (1.6.2)
    json (2.9.1)
    json_schemer (2.4.0)
      bigdecimal
      hana (~> 1.3)
      regexp_parser (~> 2.0)
      simpleidn (~> 0.2)
    kramdown (2.5.1)
      rexml (>= 3.3.9)
    kramdown-parser-gfm (1.1.0)
      kramdown (~> 2.0)
    language_server-protocol (3.17.0.4)
    lint_roller (1.1.0)
    liquid (4.0.4)
    listen (3.9.0)
      rb-fsevent (~> 0.10, >= 0.10.3)
      rb-inotify (~> 0.9, >= 0.9.10)
    logger (1.6.6)
    mercenary (0.4.0)
    method_source (1.1.0)
    mini_portile2 (2.8.8)
    minitest (5.25.4)
    module_methods (0.1.0)
    multi_json (1.15.0)
    net-http (0.6.0)
      uri
    nokogiri (1.18.3)
      mini_portile2 (~> 2.8.2)
      racc (~> 1.4)
    nokogiri (1.18.3-arm-linux-gnu)
      racc (~> 1.4)
    nokogiri (1.18.3-arm-linux-musl)
      racc (~> 1.4)
    nokogiri (1.18.3-arm64-darwin)
      racc (~> 1.4)
    opensearch-ruby (3.4.0)
      faraday (>= 1.0, < 3)
      multi_json (>= 1.0)
    optimist (3.2.0)
    ox (2.14.22)
      bigdecimal (>= 3.0)
    parallel (1.26.3)
    parser (3.3.7.0)
      ast (~> 2.4.1)
      racc
    pathutil (0.16.2)
      forwardable-extended (~> 2.6)
    patience_diff (1.2.0)
      optimist (~> 3.0)
    public_suffix (6.0.1)
    racc (1.8.1)
    rack (3.1.12)
    rack-test (2.2.0)
      rack (>= 1.3)
    rackup (2.2.1)
      rack (>= 3)
    rainbow (3.1.1)
    rake (13.2.1)
    rb-fsevent (0.11.2)
    rb-inotify (0.11.1)
      ffi (~> 1.0)
    rbs (3.8.1)
      logger
    regexp_parser (2.10.0)
    rexml (3.4.0)
    rouge (4.5.1)
    rspec (3.13.0)
      rspec-core (~> 3.13.0)
      rspec-expectations (~> 3.13.0)
      rspec-mocks (~> 3.13.0)
    rspec-core (3.13.2)
      rspec-support (~> 3.13.0)
    rspec-expectations (3.13.3)
      diff-lcs (>= 1.2.0, < 2.0)
      rspec-support (~> 3.13.0)
    rspec-mocks (3.13.2)
      diff-lcs (>= 1.2.0, < 2.0)
      rspec-support (~> 3.13.0)
    rspec-retry (0.6.2)
      rspec-core (> 3.3)
    rspec-support (3.13.2)
    rubocop (1.71.0)
      json (~> 2.3)
      language_server-protocol (>= 3.17.0)
      parallel (~> 1.10)
      parser (>= 3.3.0.2)
      rainbow (>= 2.2.2, < 4.0)
      regexp_parser (>= 2.9.3, < 3.0)
      rubocop-ast (>= 1.36.2, < 2.0)
      ruby-progressbar (~> 1.7)
      unicode-display_width (>= 2.4.0, < 4.0)
    rubocop-ast (1.37.0)
      parser (>= 3.3.1.0)
    rubocop-factory_bot (2.26.1)
      rubocop (~> 1.61)
    rubocop-performance (1.23.1)
      rubocop (>= 1.48.1, < 2.0)
      rubocop-ast (>= 1.31.1, < 2.0)
    rubocop-rake (0.6.0)
      rubocop (~> 1.0)
    rubocop-rspec (3.4.0)
      rubocop (~> 1.61)
    ruby-progressbar (1.13.0)
    safe_yaml (1.0.5)
    sass-embedded (1.77.5)
      google-protobuf (>= 3.25, < 5.0)
      rake (>= 13)
    sass-embedded (1.77.5-aarch64-linux-android)
      google-protobuf (>= 3.25, < 5.0)
    sass-embedded (1.77.5-aarch64-mingw-ucrt)
      google-protobuf (>= 3.25, < 5.0)
    sass-embedded (1.77.5-arm-linux-androideabi)
      google-protobuf (>= 3.25, < 5.0)
    sass-embedded (1.77.5-arm-linux-gnueabihf)
      google-protobuf (>= 3.25, < 5.0)
    sass-embedded (1.77.5-arm-linux-musleabihf)
      google-protobuf (>= 3.25, < 5.0)
    sass-embedded (1.77.5-arm64-darwin)
      google-protobuf (>= 3.25, < 5.0)
    sass-embedded (1.77.5-riscv64-linux-android)
      google-protobuf (>= 3.25, < 5.0)
    sass-embedded (1.77.5-riscv64-linux-gnu)
      google-protobuf (>= 3.25, < 5.0)
    sass-embedded (1.77.5-riscv64-linux-musl)
      google-protobuf (>= 3.25, < 5.0)
    sass-embedded (1.77.5-x86-cygwin)
      google-protobuf (>= 3.25, < 5.0)
    sass-embedded (1.77.5-x86-linux-android)
      google-protobuf (>= 3.25, < 5.0)
    sass-embedded (1.77.5-x86-mingw-ucrt)
      google-protobuf (>= 3.25, < 5.0)
    sass-embedded (1.77.5-x86_64-cygwin)
      google-protobuf (>= 3.25, < 5.0)
    sass-embedded (1.77.5-x86_64-linux-android)
      google-protobuf (>= 3.25, < 5.0)
    securerandom (0.4.1)
    simplecov (0.22.0)
      docile (~> 1.1)
      simplecov-html (~> 0.11)
      simplecov_json_formatter (~> 0.1)
    simplecov-console (0.9.3)
      ansi
      simplecov
      terminal-table
    simplecov-html (0.13.1)
    simplecov_json_formatter (0.1.4)
    simpleidn (0.2.3)
    standard (1.45.0)
      language_server-protocol (~> 3.17.0.2)
      lint_roller (~> 1.0)
      rubocop (~> 1.71.0)
      standard-custom (~> 1.0.0)
      standard-performance (~> 1.6)
    standard-custom (1.0.2)
      lint_roller (~> 1.0)
      rubocop (~> 1.50)
    standard-performance (1.6.0)
      lint_roller (~> 1.1)
      rubocop-performance (~> 1.23.0)
    steep (1.9.4)
      activesupport (>= 5.1)
      concurrent-ruby (>= 1.1.10)
      csv (>= 3.0.9)
      fileutils (>= 1.1.0)
      json (>= 2.1.0)
      language_server-protocol (>= 3.15, < 4.0)
      listen (~> 3.0)
      logger (>= 1.3.0)
      parser (>= 3.1)
      rainbow (>= 2.2.2, < 4.0)
      rbs (~> 3.8)
      securerandom (>= 0.1)
      strscan (>= 1.0.0)
      terminal-table (>= 2, < 4)
      uri (>= 0.12.0)
    strscan (3.1.2)
    super_diff (0.15.0)
      attr_extras (>= 6.2.4)
      diff-lcs
      patience_diff
    terminal-table (3.0.2)
      unicode-display_width (>= 1.1.1, < 3)
    thor (1.3.2)
    tzinfo (2.0.6)
      concurrent-ruby (~> 1.0)
    unicode-display_width (2.6.0)
    uri (1.0.3)
    vcr (6.3.1)
      base64
    webrick (1.9.1)
    yard (0.9.37)
    yard-doctest (0.1.17)
      minitest
      yard

PLATFORMS
  aarch64-linux-android
  aarch64-mingw-ucrt
  arm-linux-androideabi
  arm-linux-gnu
  arm-linux-gnueabihf
  arm-linux-musl
  arm-linux-musleabihf
  arm64-darwin-24
  riscv64-linux-android
  riscv64-linux-gnu
  riscv64-linux-musl
  ruby
  x86-cygwin
  x86-linux-android
  x86-mingw-ucrt
  x86_64-cygwin
  x86_64-linux-android

DEPENDENCIES
  aws_lambda_ric (~> 3.0)
  coderay (~> 1.1, >= 1.1.3)
  elasticgraph (= 0.1.2.3)!
  elasticgraph-admin (= 0.1.2.3)!
  elasticgraph-admin_lambda (= 0.1.2.3)!
  elasticgraph-apollo (= 0.1.2.3)!
  elasticgraph-datastore_core (= 0.1.2.3)!
  elasticgraph-elasticsearch (= 0.1.2.3)!
  elasticgraph-graphql (= 0.1.2.3)!
  elasticgraph-graphql_lambda (= 0.1.2.3)!
  elasticgraph-health_check (= 0.1.2.3)!
  elasticgraph-indexer (= 0.1.2.3)!
  elasticgraph-indexer_autoscaler_lambda (= 0.1.2.3)!
  elasticgraph-indexer_lambda (= 0.1.2.3)!
  elasticgraph-json_schema (= 0.1.2.3)!
  elasticgraph-lambda_support (= 0.1.2.3)!
  elasticgraph-local (= 0.1.2.3)!
  elasticgraph-opensearch (= 0.1.2.3)!
  elasticgraph-query_interceptor (= 0.1.2.3)!
  elasticgraph-query_registry (= 0.1.2.3)!
  elasticgraph-rack (= 0.1.2.3)!
  elasticgraph-schema_artifacts (= 0.1.2.3)!
  elasticgraph-schema_definition (= 0.1.2.3)!
  elasticgraph-support (= 0.1.2.3)!
  factory_bot (~> 6.5, >= 6.5.1)
  faker (~> 3.5, >= 3.5.1)
  faraday (~> 2.12, >= 2.12.2)
  filewatcher (~> 2.1)
  flatware-rspec (~> 2.3, >= 2.3.4)
  httpx (~> 1.4, >= 1.4.1)
  jekyll (~> 4.4, >= 4.4.1)
  method_source (~> 1.1)
  nokogiri (~> 1.18, >= 1.18.3)
  rack-test (~> 2.2)
  rake (~> 13.2, >= 13.2.1)
  rspec (~> 3.13)
  rspec-retry (~> 0.6, >= 0.6.2)
  rubocop-factory_bot (~> 2.26, >= 2.26.1)
  rubocop-rake (~> 0.6)
  rubocop-rspec (~> 3.4)
  simplecov (~> 0.22)
  simplecov-console (~> 0.9, >= 0.9.3)
  standard (~> 1.45.0)
  steep (~> 1.9.4)
  super_diff (~> 0.15)
  vcr (~> 6.3, >= 6.3.1)
  yard (~> 0.9, >= 0.9.37)
  yard-doctest (~> 0.1, >= 0.1.17)

BUNDLED WITH
   2.6.2
