GEM
  remote: https://rubygems.org/
  specs:
    gem-release (2.2.4)
    rake (13.2.1)

PLATFORMS
  ruby
  x86_64-linux

DEPENDENCIES
  gem-release (~> 2.2)
  rake (~> 13.2)

BUNDLED WITH
   2.5.22
