GEM
  remote: https://rubygems.org/
  specs:
    bigdecimal (3.3.1)
    csv (3.3.5)
    gem-release (2.2.4)
    hana (1.3.7)
    json_schemer (2.4.0)
      bigdecimal
      hana (~> 1.3)
      regexp_parser (~> 2.0)
      simpleidn (~> 0.2)
    mini_portile2 (2.8.9)
    nokogiri (1.18.10)
      mini_portile2 (~> 2.8.2)
      racc (~> 1.4)
    nokogiri (1.18.10-x86_64-linux-gnu)
      racc (~> 1.4)
    racc (1.8.1)
    rake (13.3.0)
    redcarpet (3.6.1)
    regexp_parser (2.11.3)
    simpleidn (0.2.3)
    yard (0.9.37)
    yard-markdown (0.5.0)
      csv
      yard

PLATFORMS
  ruby
  x86_64-linux

DEPENDENCIES
  gem-release (~> 2.2)
  json_schemer (~> 2.4)
  nokogiri (~> 1.18)
  rake (~> 13.3)
  redcarpet (~> 3.6, >= 3.6.1)
  yard (~> 0.9, >= 0.9.37)
  yard-markdown (~> 0.5)

BUNDLED WITH
   2.5.22
